GEM
  remote: https://rubygems.org/
  specs:
    bitcoin-ruby (0.0.20)
      eventmachine
      ffi
      scrypt
    diff-lcs (1.4.4)
    eventmachine (1.2.7)
    ffi (1.15.4)
    ffi-compiler (1.0.1)
      ffi (>= 1.0.0)
      rake
    rake (13.0.6)
    rspec (3.10.0)
      rspec-core (~> 3.10.0)
      rspec-expectations (~> 3.10.0)
      rspec-mocks (~> 3.10.0)
    rspec-core (3.10.1)
      rspec-support (~> 3.10.0)
    rspec-expectations (3.10.1)
      diff-lcs (>= 1.2.0, < 2.0)
      rspec-support (~> 3.10.0)
    rspec-mocks (3.10.2)
      diff-lcs (>= 1.2.0, < 2.0)
      rspec-support (~> 3.10.0)
    rspec-support (3.10.2)
    scrypt (3.0.7)
      ffi-compiler (>= 1.0, < 2.0)

PLATFORMS
  x86_64-darwin-20

DEPENDENCIES
  bitcoin-ruby
  rspec

RUBY VERSION
   ruby 3.0.1p64

BUNDLED WITH
   2.2.26
